GEM
  remote: https://rubygems.org/
  specs:
    concurrent-ruby (1.1.7)
    digest-crc (0.6.3)
      rake (>= 12.0.0, < 14.0.0)
    hanami-utils (1.3.7)
      concurrent-ruby (~> 1.0)
      transproc (~> 1.0)
    minitest (5.14.3)
    oj (3.11.0)
    rake (13.0.3)
    ruby-kafka (1.3.0)
      digest-crc
    transproc (1.1.1)

PLATFORMS
  x86_64-darwin-20
  x86_64-linux-musl

DEPENDENCIES
  hanami-utils
  minitest
  oj
  ruby-kafka

RUBY VERSION
   ruby 3.0.0p0

BUNDLED WITH
   2.2.3
